GEM
  remote: http://rubygems.org/
  specs:
    actionpack (4.1.1)
      actionview (= 4.1.1)
      activesupport (= 4.1.1)
      rack (~> 1.5.2)
      rack-test (~> 0.6.2)
    actionview (4.1.1)
      activesupport (= 4.1.1)
      builder (~> 3.1)
      erubis (~> 2.7.0)
    activesupport (4.1.1)
      i18n (~> 0.6, >= 0.6.9)
      json (~> 1.7, >= 1.7.7)
      minitest (~> 5.1)
      thread_safe (~> 0.1)
      tzinfo (~> 1.1)
    amatch (0.3.0)
      tins (~> 1.0)
    builder (3.2.2)
    erubis (2.7.0)
    i18n (0.6.9)
    json (1.8.1)
    minitest (5.3.4)
    muni (0.0.8)
      actionpack
      amatch
      thor
      xml-simple
    rack (1.5.2)
    rack-test (0.6.2)
      rack (>= 1.0)
    thor (0.19.1)
    thread_safe (0.3.4)
    tins (1.3.0)
    tzinfo (1.2.0)
      thread_safe (~> 0.1)
    xml-simple (1.1.3)

PLATFORMS
  ruby

DEPENDENCIES
  muni
